GEM
  remote: http://rubygems.org/
  specs:
    json (1.8.3)
    puma (2.16.0)
    rack (1.6.4)
    rack-protection (1.5.3)
      rack
    sinatra (1.4.7)
      rack (~> 1.5)
      rack-protection (~> 1.4)
      tilt (>= 1.3, < 3)
    tilt (2.0.2)

PLATFORMS
  ruby

DEPENDENCIES
  json (~> 1.4)
  puma
  sinatra (~> 1.1)

BUNDLED WITH
   1.11.2
