GEM
  specs:
    haml (3.0.23)
    json (1.4.6)
    rack (1.2.1)
    sinatra (1.1.0)
      rack (~> 1.1)
      tilt (~> 1.1)
    tilt (1.1)

PLATFORMS
  ruby

DEPENDENCIES
  haml (~> 3.0)
  json (~> 1.4)
  sinatra (~> 1.1)
